GEM
  remote: https://rubygems.org/
  specs:
    bindata (2.4.10)
    colorize (0.8.1)
    elftools (1.1.3)
      bindata (~> 2)
    ruby-progressbar (1.11.0)
    serialport (1.3.2)

PLATFORMS
  ruby

DEPENDENCIES
  colorize
  elftools
  ruby-progressbar
  serialport

BUNDLED WITH
   2.1.2
